GEM
  remote: http://rubygems.org/
  specs:
    activesupport (3.0.4)
    hpricot (0.8.3)

PLATFORMS
  ruby

DEPENDENCIES
  activesupport
  hpricot
